GIT
  remote: https://github.com/rodjek/rspec-puppet
  revision: ffa754a058f603f85a38d78d89b27f33b81e893c
  specs:
    rspec-puppet (2.7.8)
      rspec

GEM
  remote: https://rubygems.org/
  specs:
    CFPropertyList (2.2.8)
    diff-lcs (1.3)
    facter (2.2.0)
      CFPropertyList (~> 2.2.6)
    hiera (1.3.4)
      json_pure
    json_pure (1.8.1)
    mocha (1.11.2)
    puppet (3.7.1)
      facter (> 1.6, < 3)
      hiera (~> 1.0)
      json_pure
    puppet-lint (0.3.2)
    puppet-syntax (2.6.0)
      rake
    puppetlabs_spec_helper (1.1.1)
      mocha
      puppet-lint
      puppet-syntax
      rake
      rspec-puppet
    rake (13.0.1)
    rspec (2.14.1)
      rspec-core (~> 2.14.0)
      rspec-expectations (~> 2.14.0)
      rspec-mocks (~> 2.14.0)
    rspec-core (2.14.8)
    rspec-expectations (2.14.5)
      diff-lcs (>= 1.1.3, < 2.0)
    rspec-mocks (2.14.6)

PLATFORMS
  ruby

DEPENDENCIES
  puppet
  puppet-lint (~> 0.3.2)
  puppetlabs_spec_helper (>= 0.8.1)
  rspec (= 2.14.1)
  rspec-mocks
  rspec-puppet!

BUNDLED WITH
   1.17.3
