GIT
  remote: https://github.com/rodjek/rspec-puppet
  revision: 389f99ef666521fec1b4530fe69dc1ab84a060a8
  specs:
    rspec-puppet (1.0.1)
      rspec

GEM
  remote: https://rubygems.org/
  specs:
    diff-lcs (1.2.5)
    facter (2.5.1)
    fast_gettext (1.1.2)
    hiera (3.4.3)
    locale (2.1.2)
    metaclass (0.0.4)
    mocha (1.1.0)
      metaclass (~> 0.0.1)
    multi_json (1.13.1)
    puppet (5.5.1)
      facter (> 2.0.1, < 4)
      fast_gettext (~> 1.1.2)
      hiera (>= 3.2.1, < 4)
      locale (~> 2.1)
      multi_json (~> 1.10)
    puppet-lint (0.3.2)
    puppet-syntax (1.3.0)
      rake
    puppetlabs_spec_helper (0.8.1)
      mocha
      puppet-lint
      puppet-syntax
      rake
      rspec
      rspec-puppet
    rake (10.3.2)
    rspec (2.14.1)
      rspec-core (~> 2.14.0)
      rspec-expectations (~> 2.14.0)
      rspec-mocks (~> 2.14.0)
    rspec-core (2.14.8)
    rspec-expectations (2.14.5)
      diff-lcs (>= 1.1.3, < 2.0)
    rspec-mocks (2.14.6)

PLATFORMS
  ruby

DEPENDENCIES
  puppet
  puppet-lint (~> 0.3.2)
  puppetlabs_spec_helper
  rspec (= 2.14.1)
  rspec-mocks
  rspec-puppet!

BUNDLED WITH
   1.16.1
